GEM
  remote: https://rubygems.org/
  specs:
    awesome_print (1.0.2)

PLATFORMS
  ruby

DEPENDENCIES
  awesome_print
